PATH
  remote: .
  specs:
    ruby-geometry (0.0.4)
      activesupport
      memoist

GEM
  remote: http://rubygems.org/
  specs:
    activesupport (3.2.15)
      i18n (~> 0.6, >= 0.6.4)
      multi_json (~> 1.0)
    i18n (0.6.5)
    memoist (0.9.0)
    multi_json (1.8.2)
    rake (10.1.0)

PLATFORMS
  ruby

DEPENDENCIES
  rake
  ruby-geometry!
